GEM
  remote: http://rubygems.org/
  specs:
    activesupport (4.2.5.2)
      i18n (~> 0.7)
      json (~> 1.7, >= 1.7.7)
      minitest (~> 5.1)
      thread_safe (~> 0.3, >= 0.3.4)
      tzinfo (~> 1.1)
    aggregate (0.2.2)
    ansi (1.5.0)
    backports (3.6.8)
    chronic (0.10.2)
    coderay (1.1.1)
    daemons (1.2.3)
    dotenv (2.1.0)
    erubis (2.7.0)
    eventmachine (1.0.9.1)
    fakeweb (1.3.0)
    faraday (0.9.2)
      multipart-post (>= 1.2, < 3)
    fast_blank (1.0.0)
    foreman (0.78.0)
      thor (~> 0.19.1)
    hetchy (1.0.0)
    highline (1.7.8)
    hiredis (0.6.1)
    hpricot (0.8.6)
    i18n (0.7.0)
    jasmine (2.4.0)
      jasmine-core (~> 2.4)
      phantomjs
      rack (>= 1.2.1)
      rake
    jasmine-core (2.4.1)
    json (1.8.3)
    kgio (2.10.0)
    librato-metrics (1.6.0)
      aggregate (~> 0.2.2)
      faraday (~> 0.7)
      multi_json
    librato-rack (0.6.0)
      hetchy (~> 1.0)
      librato-metrics (~> 1.6)
    mail (2.6.3)
      mime-types (>= 1.16, < 3)
    method_source (0.8.2)
    mime-types (1.25.1)
    minitest (5.8.4)
    multi_json (1.11.2)
    multipart-post (2.0.0)
    newrelic-redis (1.5.0)
      newrelic_rpm (~> 3.0)
      redis (< 4.0)
    newrelic_rpm (3.7.3.204)
    oj (2.14.6)
    oj_mimic_json (1.0.1)
    papertrail (0.9.15)
      ansi (~> 1.5)
      chronic (~> 0.10)
    phantomjs (2.1.1.0)
    pry (0.10.3)
      coderay (~> 1.1.0)
      method_source (~> 0.8.1)
      slop (~> 3.4)
    rack (1.6.4)
    rack-protection (1.5.3)
      rack
    rack-test (0.6.3)
      rack (>= 1.0)
    raindrops (0.16.0)
    rake (10.5.0)
    redis (3.2.2)
    rr (1.0.4)
    shoulda (3.5.0)
      shoulda-context (~> 1.0, >= 1.0.1)
      shoulda-matchers (>= 1.4.1, < 3.0)
    shoulda-context (1.2.1)
    shoulda-matchers (2.8.0)
      activesupport (>= 3.0.0)
    sinatra (1.3.4)
      rack (~> 1.4)
      rack-protection (~> 1.3)
      tilt (~> 1.3, >= 1.3.3)
    sinatra-contrib (1.3.2)
      backports (>= 2.0)
      eventmachine
      rack-protection
      rack-test
      sinatra (~> 1.3.0)
      tilt (~> 1.3)
    slop (3.6.0)
    term-ansicolor (1.3.2)
      tins (~> 1.0)
    thin (1.6.4)
      daemons (~> 1.0, >= 1.0.9)
      eventmachine (~> 1.0, >= 1.0.4)
      rack (~> 1.0)
    thor (0.19.1)
    thread_safe (0.3.5)
    tilt (1.4.1)
    tins (1.8.2)
    tzinfo (1.2.2)
      thread_safe (~> 0.1)
    unicorn (5.0.1)
      kgio (~> 2.6)
      rack
      raindrops (~> 0.7)
    ya_circuit_breaker (0.0.3)

PLATFORMS
  ruby

DEPENDENCIES
  dotenv
  erubis
  fakeweb
  fast_blank
  foreman
  highline
  hiredis
  hpricot
  jasmine
  librato-metrics
  librato-rack
  mail
  newrelic-redis
  newrelic_rpm (~> 3.7.3)
  oj
  oj_mimic_json
  papertrail
  pry
  rack-test
  rake
  redis
  rr (= 1.0.4)
  shoulda
  sinatra (= 1.3.4)
  sinatra-contrib
  term-ansicolor
  thin
  unicorn
  ya_circuit_breaker (= 0.0.3)

BUNDLED WITH
   1.11.2
